##TITLE= Parameter file, TopSpin 3.5 pl 5
##JCAMPDX= 5.0
##DATATYPE= Parameter Values
##NPOINTS= 182709	$$ modification sequence number
##ORIGIN= Bruker BioSpin GmbH
##OWNER= juga
$$ 2026-07-21 11:13:44.240 +0200  fife@hahn
$$ /opt/topspin3.5pl5/conf/instr/Bruker_default_avIII600/specpar
$$ process /opt/topspin3.5pl5/prog/mod/hconfserver
##$HPPRECH= (0..15)
-1 -1 -1 -1 -1 -1 -1 -1 -1 -1 -1 -1 -1 -1 -1 -1
##$HPSELECT= no
##$NUC1= 14
##$NUC2= 2
##$NUC3= 0
##$NUC4= 0
##$NUC5= 0
##$NUC6= 0
##$NUC7= 0
##$NUC8= 0
##$NUCARR= (0..123)
596.41637 596.41637 91.553544184 636.161401663 454.346632576 87.769146015
231.790047375 83.807312659 64.076935292 191.354072919 149.969015991 43.08443264
60.434346138 80.852928349 561.192084581 47.082874053 157.763461308 36.510433127
155.407372666 118.491155184 241.43377202 45.780920761 58.436332914 48.642078551
27.831012175 15.276042605 40.138994625 144.879955398 33.623175844 33.63214003
59.464554616 156.87508783 33.712411212 147.846954163 19.310637906 141.512153264
53.296071127 158.142621441 169.404274936 37.316597486 143.148004515 181.887335251
20.804881888 102.122072472 113.745625571 31.119348112 149.426037882 161.071293849
22.947716371 57.58366014 195.150144401 25.847623886 29.225582778 55.444642891
145.979884609 38.868013482 39.683726385 134.243341052 27.465874729 30.783249852
19.004491152 27.292609578 24.141854981 27.754432999 126.532595571 132.363728595
130.410941765 130.690506039 195.139974725 212.51662574 222.407433901 142.725878912
77.29089163 156.080625608 188.167987311 119.327921997 165.864501591 49.168094278
78.226818016 59.250728024 66.279321971 78.692965515 84.24763496 182.622692494
32.504692165 20.039590032 24.870562629 20.516723128 148.269109582 65.486517426
18.309982559 24.035579711 143.378495348 20.516723128 28.747269034 127.275253358
17.176791456 49.442917073 104.368725522 28.753232899 68.015322635 48.494614747
23.898403847 15.011799933 71.50793662 24.849013803 134.340401696 135.694266757
13.612195671 46.314116776 10.246432839 11.158949984 128.210338979 10.312039336
106.82307434 39.432563272 340.692115708 344.035852687 124.773877358 95.839864102
10.982411217 100 100 100
##$NUCOFFS= (0..127)
<13C> <1H> <15N> <79Br> <27Al> <2H> <19F> <23Na> <35Cl> <14N> <31P> <87Rb>
<55Mn> <81Br> <139La> <7Li> <77Se> <79Se> <9Be> <75As> <73Ge> <197Au> <3H>
<3He> <91Zr> <21Ne> <29Si> <33S> <17O> <183W> <41K> <43Ca> <53Cr> <71Ga>
<85Rb> <117Sn> <119Sn> <115Sn> <127I> <207Pb> <209Bi> <65Cu> <203Tl> <63Cu>
<25Mg> <6Li> <10B> <> <> <> <> <> <> <> <> <> <> <> <> <> <> <> <> <> <>
<> <> <> <> <> <> <> <> <> <> <> <> <> <> <> <> <> <> <> <> <> <> <> <>
<> <> <> <> <> <> <> <> <> <> <> <> <> <> <> <> <> <> <> <> <> <> <> <>
<> <> <> <> <> <> <> <> <> <> <> <> <> <> <>
##$OFFS= (0..127)
0 0 0 136000 0 0 0 0 0 0 0 0 0 0 0 0 0 0 0 0 0 0 0 0 0 0 0 0 0 0 0 0 0
0 0 0 0 0 0 0 0 0 0 0 0 0 0 0 0 0 0 0 0 0 0 0 0 0 0 0 0 0 0 0 0 0 0 0 0
0 0 0 0 0 0 0 0 0 0 0 0 0 0 0 0 0 0 0 0 0 0 0 0 0 0 0 0 0 0 0 0 0 0 0 0
0 0 0 0 0 0 0 0 0 0 0 0 0 0 0 0 0 0 0 0 0 0 0
##$OFFSF= (0..7)
-35425 0 0 0 0 0 0 0
##$OFFSH= (0..7)
3000.59999995028 0 0 0 0 0 0 0
##$OFFSX= (0..7)
15090.2999999971 14600.0000000015 669.7 0 0 0 0 0
##$PRECHAN= (0..15)
-1 0 -1 1 -1 4 -1 -1 -1 -1 -1 -1 -1 -1 -1 -1
##$RECPRE= (0..15)
-1 0 -1 -1 -1 -1 -1 -1 -1 -1 -1 -1 -1 -1 -1 -1
##$RECPRFX= (0..15)
1 0 0 0 0 0 0 0 0 0 0 0 0 0 0 0
##$RECSEL= (0..15)
0 0 0 0 1 0 0 0 0 0 0 0 0 0 0 0
##$SELREC= (0..9)
0 0 0 0 0 0 0 0 0 0
##$SFO1= 561.192085
##$SFO2= 91.553544
##$SFO3= 596.41637
##$SFO4= 596.41637
##$SFO5= 596.41637
##$SFO6= 596.41637
##$SFO7= 596.41637
##$SFO8= 596.41637
##END=
